GEM
  remote: https://rubygems.org/
  specs:
    childprocess (1.0.1)
      rake (< 13.0)
    headless (2.3.1)
    rake (12.3.3)
    regexp_parser (1.6.0)
    rubyzip (1.2.3)
    selenium-webdriver (3.142.3)
      childprocess (>= 0.5, < 2.0)
      rubyzip (~> 1.2, >= 1.2.2)
    sqlite3 (1.4.1)
    watir (6.16.5)
      regexp_parser (~> 1.2)
      selenium-webdriver (~> 3.6)
    webrick (1.4.2)

PLATFORMS
  ruby

DEPENDENCIES
  headless (= 2.3.1)
  selenium-webdriver (= 3.142.3)
  sqlite3 (= 1.4.1)
  watir (= 6.16.5)
  webrick (= 1.4.2)

BUNDLED WITH
   1.17.2
